GEM
  remote: https://rubygems.org/
  specs:
    activemodel (4.2.6)
      activesupport (= 4.2.6)
      builder (~> 3.1)
    activerecord (4.2.6)
      activemodel (= 4.2.6)
      activesupport (= 4.2.6)
      arel (~> 6.0)
    activesupport (4.2.6)
      i18n (~> 0.7)
      json (~> 1.7, >= 1.7.7)
      minitest (~> 5.1)
      thread_safe (~> 0.3, >= 0.3.4)
      tzinfo (~> 1.1)
    arel (6.0.3)
    builder (3.2.2)
    i18n (0.7.0)
    json (1.8.3)
    minitest (5.8.4)
    multi_json (1.12.1)
    mysql (2.9.1)
    puma (3.6.0)
    rack (1.6.4)
    rack-conneg (0.1.6)
      rack (>= 1.0)
    rack-protection (1.5.3)
      rack
    representable (2.3.0)
      uber (~> 0.0.7)
    roar (1.0.4)
      representable (>= 2.0.1, < 2.4.0)
    sinatra (1.4.7)
      rack (~> 1.5)
      rack-protection (~> 1.4)
      tilt (>= 1.3, < 3)
    thread_safe (0.3.5)
    tilt (2.0.5)
    tzinfo (1.2.2)
      thread_safe (~> 0.1)
    uber (0.0.15)

PLATFORMS
  ruby

DEPENDENCIES
  activerecord
  multi_json
  mysql
  puma
  rack-conneg
  roar
  sinatra

BUNDLED WITH
   1.11.2
